PATH
  remote: .
  specs:
    watir-classic (3.6.0)
      ffi (~> 1.0)
      multi_json
      nokogiri (>= 1.5.7.rc3)
      rautomation (~> 0.7)
      user-choices
      win32-process (>= 0.5.5)
      win32screenshot
      windows-pr (>= 0.6.6)

GEM
  remote: https://rubygems.org/
  specs:
    builder (3.2.0)
    childprocess (0.3.9)
      ffi (~> 1.0, >= 1.0.11)
    diff-lcs (1.2.1)
    ffi (1.8.1-x86-mingw32)
    hoe (3.5.1)
      rake (>= 0.8, < 11.0)
    mini_magick (3.5.0)
      subexec (~> 0.2.1)
    multi_json (1.7.2)
    nokogiri (1.5.7.rc3-x86-mingw32)
    rack (1.5.2)
    rack-protection (1.4.0)
      rack
    rake (10.0.4)
    rautomation (0.8.0)
      ffi
    rspec (2.13.0)
      rspec-core (~> 2.13.0)
      rspec-expectations (~> 2.13.0)
      rspec-mocks (~> 2.13.0)
    rspec-core (2.13.0)
    rspec-expectations (2.13.0)
      diff-lcs (>= 1.1.3, < 2.0)
    rspec-mocks (2.13.0)
    s4t-utils (1.0.4)
      hoe (>= 1.3.0)
    sinatra (1.3.5)
      rack (~> 1.4)
      rack-protection (~> 1.3)
      tilt (~> 1.3, >= 1.3.3)
    subexec (0.2.2)
    syntax (1.0.0)
    tilt (1.3.4)
    user-choices (1.1.6.1)
      builder (>= 2.1.2)
      s4t-utils (>= 1.0.3)
      xml-simple (>= 1.0.11)
    win32-api (1.4.8-x86-mingw32)
    win32-process (0.7.1)
      ffi (>= 1.0.0)
    win32screenshot (1.0.8)
      ffi (~> 1.0)
      mini_magick (~> 3.2)
      rautomation (~> 0.7)
    windows-api (0.4.2)
      win32-api (>= 1.4.5)
    windows-pr (1.2.2)
      win32-api (>= 1.4.5)
      windows-api (>= 0.3.0)
    xml-simple (1.1.2)
    yard (0.8.5.2)

PLATFORMS
  x86-mingw32

DEPENDENCIES
  childprocess
  rspec (~> 2.3)
  sinatra
  syntax
  watir-classic!
  yard
